GIT
  remote: https://github.com/CitizenLabDotCo/knock.git
  revision: 2a73aac587e3358a701b731ae0fd1fb2660f8569
  specs:
    knock (2.1.1)
      bcrypt (~> 3.1)
      jwt (~> 2.1)
      rails (>= 4.2)

GIT
  remote: https://github.com/CitizenLabDotCo/omniauth-azure-activedirectory.git
  revision: 11de479589a43efac3d0703de3f6e651443701c5
  specs:
    omniauth-azure-activedirectory (1.1.0)
      jwt (~> 2.0)
      omniauth (~> 1.1)

GIT
  remote: https://github.com/dvandersluis/fast_jsonapi.git
  revision: a7b3fc132eb1c8f6d5d135168f520a5f372501a9
  branch: heterogeneous-collection
  specs:
    fast_jsonapi (1.5)
      activesupport (>= 4.2)

GIT
  remote: https://github.com/gssbzn/ice_cube.git
  revision: 605394a6449c1b8f7f47baea7c362c3059bd1504
  ref: 605394a
  specs:
    ice_cube (0.16.3)

GIT
  remote: https://github.com/influitive/apartment.git
  revision: f266f73e58835f94e4ec7c16f28443fe5eada1ac
  branch: development
  specs:
    apartment (2.2.1)
      activerecord (>= 3.1.2, < 6.1)
      parallel (>= 0.7.1)
      public_suffix (>= 2)
      rack (>= 1.3.6)

PATH
  remote: engines/admin_api
  specs:
    admin_api (0.1.0)
      active_model_serializers (~> 0.10.7)
      apartment (~> 2.2.1)
      graphql (~> 1.8.0)
      rails (~> 6.0.0)

PATH
  remote: engines/email_campaigns
  specs:
    email_campaigns (0.1.0)
      active_model_serializers (~> 0.10.7)
      apartment (~> 2.2.1)
      apartment-sidekiq
      ice_cube
      kaminari (~> 1.1.1)
      liquid (~> 4.0)
      mailgun-ruby (~> 1.1.6)
      pundit (~> 2.0)
      rails (~> 6.0.0)

PATH
  remote: engines/frontend
  specs:
    frontend (0.1.0)
      apartment (~> 2.2.1)
      apartment-sidekiq
      rails (~> 6.0.0)

PATH
  remote: engines/machine_translations
  specs:
    machine_translations (0.1.0)
      active_model_serializers (~> 0.10.7)
      apartment (~> 2.2.1)
      easy_translate
      pundit (~> 2.0)
      rails (~> 6.0.0)

PATH
  remote: engines/nlp
  specs:
    nlp (0.1.0)
      httparty (~> 0.16.2)
      rails (~> 6.0.0)

PATH
  remote: engines/onboarding
  specs:
    onboarding (0.1.0)
      active_model_serializers (~> 0.10.7)
      apartment (~> 2.2.1)
      apartment-sidekiq
      kaminari (~> 1.1.1)
      pundit (~> 2.0)
      rails (~> 6.0.0)

PATH
  remote: engines/polls
  specs:
    polls (0.1.0)
      acts_as_list (~> 0.9.17)
      apartment (~> 2.2.1)
      kaminari (~> 1.1.1)
      pundit (~> 2.0)
      rails (~> 6.0.0)

PATH
  remote: engines/public_api
  specs:
    public_api (0.1.0)
      active_model_serializers (~> 0.10.7)
      apartment (~> 2.2.1)
      kaminari (~> 1.1.1)
      knock
      pundit (~> 2.0)
      rails (~> 6.0.0)

PATH
  remote: engines/surveys
  specs:
    surveys (0.1.0)
      active_model_serializers (~> 0.10.7)
      apartment (~> 2.2.1)
      apartment-sidekiq
      httparty (~> 0.16.2)
      kaminari (~> 1.1.1)
      pundit (~> 2.0)
      rails (~> 6.0.0)

PATH
  remote: engines/verification
  specs:
    verification (0.1.0)
      apartment (~> 2.2.1)
      pundit (~> 2.0)
      rails (~> 6.0.0)
      savon (~> 2.12.0)

GEM
  remote: https://rubygems.org/
  specs:
    actioncable (6.0.1)
      actionpack (= 6.0.1)
      nio4r (~> 2.0)
      websocket-driver (>= 0.6.1)
    actionmailbox (6.0.1)
      actionpack (= 6.0.1)
      activejob (= 6.0.1)
      activerecord (= 6.0.1)
      activestorage (= 6.0.1)
      activesupport (= 6.0.1)
      mail (>= 2.7.1)
    actionmailer (6.0.1)
      actionpack (= 6.0.1)
      actionview (= 6.0.1)
      activejob (= 6.0.1)
      mail (~> 2.5, >= 2.5.4)
      rails-dom-testing (~> 2.0)
    actionpack (6.0.1)
      actionview (= 6.0.1)
      activesupport (= 6.0.1)
      rack (~> 2.0)
      rack-test (>= 0.6.3)
      rails-dom-testing (~> 2.0)
      rails-html-sanitizer (~> 1.0, >= 1.2.0)
    actiontext (6.0.1)
      actionpack (= 6.0.1)
      activerecord (= 6.0.1)
      activestorage (= 6.0.1)
      activesupport (= 6.0.1)
      nokogiri (>= 1.8.5)
    actionview (6.0.1)
      activesupport (= 6.0.1)
      builder (~> 3.1)
      erubi (~> 1.4)
      rails-dom-testing (~> 2.0)
      rails-html-sanitizer (~> 1.1, >= 1.2.0)
    active_model_serializers (0.10.10)
      actionpack (>= 4.1, < 6.1)
      activemodel (>= 4.1, < 6.1)
      case_transform (>= 0.2)
      jsonapi-renderer (>= 0.1.1.beta1, < 0.3)
    activejob (6.0.1)
      activesupport (= 6.0.1)
      globalid (>= 0.3.6)
    activemodel (6.0.1)
      activesupport (= 6.0.1)
    activerecord (6.0.1)
      activemodel (= 6.0.1)
      activesupport (= 6.0.1)
    activerecord-postgis-adapter (6.0.0)
      activerecord (~> 6.0)
      rgeo-activerecord (~> 6.0)
    activerecord_json_validator (1.3.0)
      activerecord (>= 4.2.0, < 7)
      json-schema (~> 2.8)
    activestorage (6.0.1)
      actionpack (= 6.0.1)
      activejob (= 6.0.1)
      activerecord (= 6.0.1)
      marcel (~> 0.3.1)
    activesupport (6.0.1)
      concurrent-ruby (~> 1.0, >= 1.0.2)
      i18n (>= 0.7, < 2)
      minitest (~> 5.1)
      tzinfo (~> 1.1)
      zeitwerk (~> 2.2)
    acts_as_list (0.9.17)
      activerecord (>= 3.0)
    addressable (2.7.0)
      public_suffix (>= 2.0.2, < 5.0)
    aes_key_wrap (1.0.1)
    after_commit_action (1.1.0)
      activerecord (>= 3.0.0)
      activesupport (>= 3.0.0)
    akami (1.3.1)
      gyoku (>= 0.4.0)
      nokogiri
    amq-protocol (2.3.0)
    apartment-sidekiq (1.2.0)
      apartment (>= 1.0)
      sidekiq (>= 2.11)
    api-pagination (4.8.2)
    attr_required (1.0.1)
    awesome_nested_set (3.2.0)
      activerecord (>= 4.0.0, < 7.0)
    aws-eventstream (1.0.1)
    aws-partitions (1.142.0)
    aws-sdk-core (3.46.2)
      aws-eventstream (~> 1.0)
      aws-partitions (~> 1.0)
      aws-sigv4 (~> 1.0)
      jmespath (~> 1.0)
    aws-sdk-kms (1.13.0)
      aws-sdk-core (~> 3, >= 3.39.0)
      aws-sigv4 (~> 1.0)
    aws-sdk-s3 (1.30.1)
      aws-sdk-core (~> 3, >= 3.39.0)
      aws-sdk-kms (~> 1)
      aws-sigv4 (~> 1.0)
    aws-sigv4 (1.0.3)
    axlsx (3.0.0.pre)
      htmlentities (~> 4.3, >= 4.3.4)
      mimemagic (~> 0.3)
      nokogiri (~> 1.8, >= 1.8.2)
      rubyzip (~> 1.2, >= 1.2.1)
    bcrypt (3.1.13)
    bindata (2.4.4)
    bootsnap (1.4.4)
      msgpack (~> 1.0)
    builder (3.2.3)
    bunny (2.12.0)
      amq-protocol (~> 2.3, >= 2.3.0)
    byebug (10.0.2)
    carrierwave (2.0.2)
      activemodel (>= 5.0.0)
      activesupport (>= 5.0.0)
      addressable (~> 2.6)
      image_processing (~> 1.1)
      mimemagic (>= 0.3.0)
      mini_mime (>= 0.1.3)
    carrierwave-base64 (2.8.0)
      carrierwave (>= 0.8.0)
      mime-types (~> 3.0)
      mimemagic (~> 0.3.2)
    case_transform (0.2)
      activesupport
    concurrent-ruby (1.1.5)
    connection_pool (2.2.2)
    counter_culture (2.2.4)
      activerecord (>= 4.2)
      activesupport (>= 4.2)
      after_commit_action (~> 1.0)
    crack (0.4.3)
      safe_yaml (~> 1.0.0)
    crass (1.0.5)
    css_parser (1.7.0)
      addressable
    dalli (2.7.9)
    database_cleaner (1.7.0)
    diff-lcs (1.3)
    docile (1.3.1)
    domain_name (0.5.20180417)
      unf (>= 0.0.5, < 1.0.0)
    easy_translate (0.5.1)
      thread
      thread_safe
    erubi (1.9.0)
    excon (0.62.0)
    factory_bot (4.11.1)
      activesupport (>= 3.0.0)
    factory_bot_rails (4.11.1)
      factory_bot (~> 4.11.1)
      railties (>= 3.0.0)
    faker (2.8.0)
      i18n (>= 1.6, < 1.8)
    faraday (0.15.4)
      multipart-post (>= 1.2, < 3)
    ffi (1.9.25)
    fog-aws (3.3.0)
      fog-core (~> 2.1)
      fog-json (~> 1.1)
      fog-xml (~> 0.1)
      ipaddress (~> 0.8)
    fog-core (2.1.2)
      builder
      excon (~> 0.58)
      formatador (~> 0.2)
      mime-types
    fog-json (1.2.0)
      fog-core
      multi_json (~> 1.10)
    fog-xml (0.1.3)
      fog-core
      nokogiri (>= 1.5.11, < 2.0.0)
    formatador (0.2.5)
    globalid (0.4.2)
      activesupport (>= 4.2.0)
    graphql (1.8.17)
    groupdate (4.1.0)
      activesupport (>= 4.2)
    gyoku (1.3.1)
      builder (>= 2.1.2)
    hashdiff (0.3.7)
    hashie (3.6.0)
    htmlentities (4.3.4)
    http-cookie (1.0.3)
      domain_name (~> 0.5)
    httparty (0.16.4)
      mime-types (~> 3.0)
      multi_xml (>= 0.5.2)
    httpclient (2.8.3)
    httpi (2.4.4)
      rack
      socksify
    i18n (1.7.0)
      concurrent-ruby (~> 1.0)
    image_processing (1.9.3)
      mini_magick (>= 4.9.5, < 5)
      ruby-vips (>= 2.0.13, < 3)
    ipaddress (0.8.3)
    jmespath (1.4.0)
    json (2.1.0)
    json-jwt (1.11.0)
      activesupport (>= 4.2)
      aes_key_wrap
      bindata
    json-schema (2.8.1)
      addressable (>= 2.4)
    jsonapi-renderer (0.2.2)
    jwt (2.2.1)
    kaminari (1.1.1)
      activesupport (>= 4.1.0)
      kaminari-actionview (= 1.1.1)
      kaminari-activerecord (= 1.1.1)
      kaminari-core (= 1.1.1)
    kaminari-actionview (1.1.1)
      actionview
      kaminari-core (= 1.1.1)
    kaminari-activerecord (1.1.1)
      activerecord
      kaminari-core (= 1.1.1)
    kaminari-core (1.1.1)
    liquid (4.0.1)
    listen (3.1.5)
      rb-fsevent (~> 0.9, >= 0.9.4)
      rb-inotify (~> 0.9, >= 0.9.7)
      ruby_dep (~> 1.2)
    loofah (2.4.0)
      crass (~> 1.0.2)
      nokogiri (>= 1.5.9)
    mail (2.7.1)
      mini_mime (>= 0.1.1)
    mailgun-ruby (1.1.11)
      rest-client (~> 2.0.2)
    marcel (0.3.3)
      mimemagic (~> 0.3.2)
    method_source (0.9.2)
    mime-types (3.3)
      mime-types-data (~> 3.2015)
    mime-types-data (3.2019.1009)
    mimemagic (0.3.3)
    mini_magick (4.9.5)
    mini_mime (1.0.2)
    mini_portile2 (2.4.0)
    minitest (5.13.0)
    msgpack (1.3.0)
    multi_json (1.13.1)
    multi_xml (0.6.0)
    multipart-post (2.0.0)
    mustache (1.1.0)
    netrc (0.11.0)
    nio4r (2.5.2)
    nokogiri (1.10.5)
      mini_portile2 (~> 2.4.0)
    nori (2.6.0)
    oauth (0.5.4)
    oauth2 (1.4.1)
      faraday (>= 0.8, < 0.16.0)
      jwt (>= 1.0, < 3.0)
      multi_json (~> 1.3)
      multi_xml (~> 0.5)
      rack (>= 1.2, < 3)
    okcomputer (1.17.3)
    omniauth (1.9.0)
      hashie (>= 3.4.6, < 3.7.0)
      rack (>= 1.6.2, < 3)
    omniauth-facebook (5.0.0)
      omniauth-oauth2 (~> 1.2)
    omniauth-google-oauth2 (0.6.0)
      jwt (>= 2.0)
      omniauth (>= 1.1.1)
      omniauth-oauth2 (>= 1.5)
    omniauth-oauth (1.1.0)
      oauth
      omniauth (~> 1.0)
    omniauth-oauth2 (1.6.0)
      oauth2 (~> 1.1)
      omniauth (~> 1.9)
    omniauth-twitter (1.4.0)
      omniauth-oauth (~> 1.1)
      rack
    omniauth_openid_connect (0.3.3)
      addressable (~> 2.5)
      omniauth (~> 1.9)
      openid_connect (~> 1.1)
    openid_connect (1.1.8)
      activemodel
      attr_required (>= 1.0.0)
      json-jwt (>= 1.5.0)
      rack-oauth2 (>= 1.6.1)
      swd (>= 1.0.0)
      tzinfo
      validate_email
      validate_url
      webfinger (>= 1.0.1)
    parallel (1.19.0)
    pg (1.1.3)
    pg_search (2.1.7)
      activerecord (>= 4.2)
      activesupport (>= 4.2)
    premailer (1.11.1)
      addressable
      css_parser (>= 1.6.0)
      htmlentities (>= 4.0.0)
    premailer-rails (1.10.3)
      actionmailer (>= 3)
      premailer (~> 1.7, >= 1.7.9)
    public_suffix (4.0.1)
    puma (3.12.0)
    pundit (2.0.0)
      activesupport (>= 3.0.0)
    rack (2.0.7)
    rack-cors (1.0.6)
      rack (>= 1.6.0)
    rack-mini-profiler (1.0.2)
      rack (>= 1.2.0)
    rack-oauth2 (1.10.1)
      activesupport
      attr_required
      httpclient
      json-jwt (>= 1.11.0)
      rack
    rack-protection (2.0.4)
      rack
    rack-test (1.1.0)
      rack (>= 1.0, < 3)
    rails (6.0.1)
      actioncable (= 6.0.1)
      actionmailbox (= 6.0.1)
      actionmailer (= 6.0.1)
      actionpack (= 6.0.1)
      actiontext (= 6.0.1)
      actionview (= 6.0.1)
      activejob (= 6.0.1)
      activemodel (= 6.0.1)
      activerecord (= 6.0.1)
      activestorage (= 6.0.1)
      activesupport (= 6.0.1)
      bundler (>= 1.3.0)
      railties (= 6.0.1)
      sprockets-rails (>= 2.0.0)
    rails-dom-testing (2.0.3)
      activesupport (>= 4.2.0)
      nokogiri (>= 1.6)
    rails-html-sanitizer (1.3.0)
      loofah (~> 2.3)
    rails_semantic_logger (4.4.1)
      rails (>= 3.2)
      semantic_logger (~> 4.4)
    railties (6.0.1)
      actionpack (= 6.0.1)
      activesupport (= 6.0.1)
      method_source
      rake (>= 0.8.7)
      thor (>= 0.20.3, < 2.0)
    rake (13.0.1)
    rb-fsevent (0.10.3)
    rb-inotify (0.9.10)
      ffi (>= 0.5.0, < 2)
    redcarpet (3.4.0)
    redis (4.0.3)
    rest-client (2.0.2)
      http-cookie (>= 1.0.2, < 2.0)
      mime-types (>= 1.16, < 4.0)
      netrc (~> 0.8)
    rgeo (2.1.1)
    rgeo-activerecord (6.2.1)
      activerecord (>= 5.0)
      rgeo (>= 1.0.0)
    rgeo-geojson (2.1.1)
      rgeo (>= 1.0.0)
    rinku (2.0.5)
    rspec (3.8.0)
      rspec-core (~> 3.8.0)
      rspec-expectations (~> 3.8.0)
      rspec-mocks (~> 3.8.0)
    rspec-core (3.8.0)
      rspec-support (~> 3.8.0)
    rspec-expectations (3.8.2)
      diff-lcs (>= 1.2.0, < 2.0)
      rspec-support (~> 3.8.0)
    rspec-mocks (3.8.0)
      diff-lcs (>= 1.2.0, < 2.0)
      rspec-support (~> 3.8.0)
    rspec-rails (3.8.1)
      actionpack (>= 3.0)
      activesupport (>= 3.0)
      railties (>= 3.0)
      rspec-core (~> 3.8.0)
      rspec-expectations (~> 3.8.0)
      rspec-mocks (~> 3.8.0)
      rspec-support (~> 3.8.0)
    rspec-support (3.8.0)
    rspec_api_documentation (6.1.0)
      activesupport (>= 3.0.0)
      mustache (~> 1.0, >= 0.99.4)
      rspec (~> 3.0)
    rspec_junit_formatter (0.4.1)
      rspec-core (>= 2, < 4, != 2.12.0)
    ruby-vips (2.0.16)
      ffi (~> 1.9)
    rubyXL (3.3.31)
      nokogiri (>= 1.4.4)
      rubyzip (>= 1.1.6)
    ruby_dep (1.5.0)
    rubyzip (1.3.0)
    safe_yaml (1.0.4)
    savon (2.12.0)
      akami (~> 1.2)
      builder (>= 2.1.2)
      gyoku (~> 1.2)
      httpi (~> 2.3)
      nokogiri (>= 1.8.1)
      nori (~> 2.4)
      wasabi (~> 3.4)
    scenic (1.5.1)
      activerecord (>= 4.0.0)
      railties (>= 4.0.0)
    semantic_logger (4.5.0)
      concurrent-ruby (~> 1.0)
    sentry-raven (2.7.4)
      faraday (>= 0.7.6, < 1.0)
    shoulda-matchers (3.1.2)
      activesupport (>= 4.0.0)
    sidekiq (5.2.3)
      connection_pool (~> 2.2, >= 2.2.2)
      rack-protection (>= 1.5.0)
      redis (>= 3.3.5, < 5)
    simple_segment (0.3.0)
    simplecov (0.16.1)
      docile (~> 1.1)
      json (>= 1.8, < 3)
      simplecov-html (~> 0.10.0)
    simplecov-html (0.10.2)
    simplecov-rcov (0.2.3)
      simplecov (>= 0.4.1)
    skylight (4.2.0)
      skylight-core (= 4.2.0)
    skylight-core (4.2.0)
      activesupport (>= 4.2.0)
    socksify (1.7.1)
    spring (2.0.2)
      activesupport (>= 4.2)
    spring-watcher-listen (2.0.1)
      listen (>= 2.7, < 4.0)
      spring (>= 1.2, < 3.0)
    sprockets (4.0.0)
      concurrent-ruby (~> 1.0)
      rack (> 1, < 3)
    sprockets-rails (3.2.1)
      actionpack (>= 4.0)
      activesupport (>= 4.0)
      sprockets (>= 3.0.0)
    swd (1.1.2)
      activesupport (>= 3)
      attr_required (>= 0.0.5)
      httpclient (>= 2.4)
    thor (0.20.3)
    thread (0.2.2)
    thread_safe (0.3.6)
    tzinfo (1.2.5)
      thread_safe (~> 0.1)
    unf (0.1.4)
      unf_ext
    unf_ext (0.0.7.5)
    validate_email (0.1.6)
      activemodel (>= 3.0)
      mail (>= 2.2.5)
    validate_url (1.0.8)
      activemodel (>= 3.0.0)
      public_suffix
    wasabi (3.5.0)
      httpi (~> 2.0)
      nokogiri (>= 1.4.2)
    webfinger (1.1.0)
      activesupport
      httpclient (>= 2.4)
    webmock (3.4.2)
      addressable (>= 2.3.6)
      crack (>= 0.3.2)
      hashdiff
    websocket-driver (0.7.1)
      websocket-extensions (>= 0.1.0)
    websocket-extensions (0.1.4)
    zeitwerk (2.2.2)

PLATFORMS
  ruby

DEPENDENCIES
  active_model_serializers (~> 0.10.8)
  activerecord-postgis-adapter (~> 6.0.0)
  activerecord_json_validator (~> 1.3.0)
  acts_as_list
  admin_api!
  apartment!
  apartment-sidekiq (~> 1.2.0)
  api-pagination (~> 4.8.2)
  awesome_nested_set (~> 3.2.0)
  aws-sdk-s3 (~> 1)
  axlsx (= 3.0.0.pre)
  bcrypt (~> 3.1.7)
  bootsnap
  bunny (>= 2.7.2)
  byebug
  carrierwave (~> 2.0.2)
  carrierwave-base64 (~> 2.6)
  counter_culture (~> 2.1)
  dalli
  database_cleaner
  email_campaigns!
  factory_bot_rails
  faker
  fast_jsonapi!
  fog-aws
  frontend!
  groupdate
  ice_cube!
  kaminari (~> 1.1.1)
  knock!
  liquid (~> 4.0)
  listen (>= 3.0.5, < 3.2)
  machine_translations!
  mailgun-ruby
  mini_magick (~> 4.9)
  nlp!
  okcomputer
  omniauth
  omniauth-azure-activedirectory!
  omniauth-facebook
  omniauth-google-oauth2
  omniauth-twitter
  omniauth_openid_connect
  onboarding!
  pg
  pg_search (~> 2.1.2)
  polls!
  premailer-rails (~> 1.10.3)
  public_api!
  puma
  pundit (~> 2.0)
  rack-cors
  rack-mini-profiler
  rails (~> 6.0.1)
  rails_semantic_logger
  redcarpet
  rest-client
  rgeo-geojson
  rinku (~> 2)
  rspec-rails
  rspec_api_documentation
  rspec_junit_formatter
  rubyXL
  rubyzip (~> 1.3.0)
  scenic
  sentry-raven
  shoulda-matchers (~> 3.1)
  sidekiq
  simple_segment (~> 0.3)
  simplecov
  simplecov-rcov
  skylight
  spring
  spring-watcher-listen (~> 2.0.0)
  surveys!
  verification!
  webmock (~> 3.4)

BUNDLED WITH
   1.17.3
