GIT
  remote: https://github.com/CitizenLabDotCo/ice_cube.git
  revision: 4671442d581d185a40933fa06a9c773f22f6070f
  specs:
    ice_cube (0.16.3)

GIT
  remote: https://github.com/CitizenLabDotCo/omniauth-azure-activedirectory.git
  revision: ecdbac5d6ca7b4123c10b0f1d4569bfb7ba0fa8a
  specs:
    omniauth-azure-activedirectory (1.1.0)
      jwt (~> 2.2.2)
      omniauth (~> 1.1)

GIT
  remote: https://github.com/CitizenLabDotCo/openid_connect.git
  revision: 7e5136cb3712ff3a0bd0c476e4f527b25c08ee89
  specs:
    openid_connect (1.1.8)
      activemodel
      attr_required (>= 1.0.0)
      json-jwt (>= 1.5.0)
      rack-oauth2 (>= 1.6.1)
      swd (>= 1.0.0)
      tzinfo
      validate_email
      validate_url
      webfinger (>= 1.0.1)

GIT
  remote: https://github.com/dvandersluis/fast_jsonapi.git
  revision: a7b3fc132eb1c8f6d5d135168f520a5f372501a9
  branch: heterogeneous-collection
  specs:
    fast_jsonapi (1.5)
      activesupport (>= 4.2)

GIT
  remote: https://github.com/influitive/apartment.git
  revision: f266f73e58835f94e4ec7c16f28443fe5eada1ac
  branch: development
  specs:
    apartment (2.2.1)
      activerecord (>= 3.1.2, < 6.1)
      parallel (>= 0.7.1)
      public_suffix (>= 2)
      rack (>= 1.3.6)

GIT
  remote: https://github.com/nsarno/knock
  revision: 9214cd027422df8dc31eb67c60032fbbf8fc100b
  ref: 9214cd027422df8dc31eb67c60032fbbf8fc100b
  branch: master
  specs:
    knock (2.2.0)
      bcrypt (~> 3.1)
      jwt (~> 2.2.1)
      rails (>= 5)

GIT
  remote: https://github.com/que-rb/que
  revision: 77c6b92952b821898c393239ce0e4047b17d7dae
  ref: 77c6b92952b821898c393239ce0e4047b17d7dae
  branch: master
  specs:
    que (1.0.0.beta4)

GIT
  remote: https://github.com/varvet/pundit
  revision: 973b63b396c2a98099caf5eefd1c6841416eddfa
  ref: 973b63b396c2a98099caf5eefd1c6841416eddfa
  branch: master
  specs:
    pundit (2.1.0)
      activesupport (>= 3.0.0)

PATH
  remote: engines/commercial/admin_api
  specs:
    admin_api (0.1.0)
      active_model_serializers (~> 0.10.7)
      apartment (~> 2.2.1)
      custom_style
      graphql (~> 1.8.0)
      kaminari (~> 1.2)
      multi_tenancy
      rails (~> 6.0.0)

PATH
  remote: engines/commercial/clusterings
  specs:
    clusterings (0.1.0)
      apartment (~> 2.2.1)
      nlp
      pundit (~> 2.0)
      rails (~> 6.0.0)

PATH
  remote: engines/commercial/custom_idea_statuses
  specs:
    custom_idea_statuses (0.1.0)
      active_model_serializers (~> 0.10.7)
      pundit (~> 2.0)
      rails (~> 6.0.0)

PATH
  remote: engines/commercial/custom_maps
  specs:
    custom_maps (0.1.0)
      apartment (~> 2.2.1)
      pundit (~> 2.0)
      rails (~> 6.0.0)

PATH
  remote: engines/commercial/custom_style
  specs:
    custom_style (0.1.0)
      rails (~> 6.0.0)

PATH
  remote: engines/commercial/custom_topics
  specs:
    custom_topics (0.1.0)
      active_model_serializers (~> 0.10.7)
      pundit (~> 2.0)
      rails (~> 6.0.0)

PATH
  remote: engines/commercial/flag_inappropriate_content
  specs:
    flag_inappropriate_content (0.1.0)
      active_model_serializers (~> 0.10.7)
      apartment (~> 2.2.1)
      email_campaigns
      moderation
      pundit (~> 2.0)
      rails (~> 6.0.0)

PATH
  remote: engines/commercial/geographic_dashboard
  specs:
    geographic_dashboard (0.1.0)
      rails (~> 6.0.3, >= 6.0.3.2)

PATH
  remote: engines/commercial/google_tag_manager
  specs:
    google_tag_manager (0.1.0)
      rails (~> 6.0.0)

PATH
  remote: engines/commercial/granular_permissions
  specs:
    granular_permissions (0.1.0)
      pundit (~> 2.0)
      rails (~> 6.0.3, >= 6.0.3.2)

PATH
  remote: engines/commercial/id_auth0
  specs:
    id_auth0 (0.1.0)
      omniauth-auth0 (~> 2.0)
      rails (~> 6.0.0)
      verification

PATH
  remote: engines/commercial/id_bogus
  specs:
    id_bogus (0.1.0)
      rails (~> 6.0.0)
      verification

PATH
  remote: engines/commercial/id_bosa_fas
  specs:
    id_bosa_fas (0.1.0)
      rails (~> 6.0.0)
      verification

PATH
  remote: engines/commercial/id_clave_unica
  specs:
    id_clave_unica (0.1.0)
      omniauth_openid_connect (~> 0.3.3)
      rails (~> 6.0.0)
      verification

PATH
  remote: engines/commercial/id_cow
  specs:
    id_cow (0.1.0)
      rails (~> 6.0.0)
      savon (~> 2.12.0)
      verification

PATH
  remote: engines/commercial/id_franceconnect
  specs:
    id_franceconnect (0.1.0)
      rails (~> 6.0.0)
      verification

PATH
  remote: engines/commercial/id_id_card_lookup
  specs:
    id_id_card_lookup (0.1.0)
      admin_api
      rails (~> 6.0.0)
      savon (~> 2.12.0)
      verification

PATH
  remote: engines/commercial/idea_assignment
  specs:
    idea_assignment (0.1.0)
      email_campaigns
      rails (~> 6.0.3, >= 6.0.3.2)

PATH
  remote: engines/commercial/idea_custom_fields
  specs:
    idea_custom_fields (0.1.0)
      rails (~> 6.0.3, >= 6.0.3.2)

PATH
  remote: engines/commercial/insights
  specs:
    insights (0.1.0)
      rails (~> 6.0.0)

PATH
  remote: engines/commercial/machine_translations
  specs:
    machine_translations (0.1.0)
      active_model_serializers (~> 0.10.7)
      apartment (~> 2.2.1)
      easy_translate
      pundit (~> 2.0)
      rails (~> 6.0.0)

PATH
  remote: engines/commercial/matomo
  specs:
    matomo (0.1.0)
      rails (~> 6.0.0)

PATH
  remote: engines/commercial/moderation
  specs:
    moderation (0.1.0)
      active_model_serializers (~> 0.10.7)
      pundit (~> 2.0)
      rails (~> 6.0.0)

PATH
  remote: engines/commercial/nlp
  specs:
    nlp (0.1.0)
      bunny
      httparty (~> 0.16.2)
      rails (~> 6.0.0)

PATH
  remote: engines/commercial/project_folders
  specs:
    project_folders (0.1.0)
      rails (~> 6.0.3, >= 6.0.3.2)

PATH
  remote: engines/commercial/project_management
  specs:
    project_management (0.1.0)
      rails (~> 6.0.3, >= 6.0.3.2)

PATH
  remote: engines/commercial/public_api
  specs:
    public_api (0.1.0)
      active_model_serializers (~> 0.10.7)
      apartment (~> 2.2.1)
      kaminari (~> 1.2)
      knock
      pundit (~> 2.0)
      rails (~> 6.0.0)

PATH
  remote: engines/commercial/smart_groups
  specs:
    smart_groups (0.1.0)
      rails (~> 6.0.3, >= 6.0.3.2)

PATH
  remote: engines/commercial/tagging
  specs:
    tagging (0.1.0)
      multi_tenancy
      pundit (~> 2.0)
      rails (~> 6.0.0)

PATH
  remote: engines/commercial/user_custom_fields
  specs:
    user_custom_fields (0.1.0)
      active_model_serializers (~> 0.10.7)
      apartment (~> 2.2.1)
      pundit (~> 2.0)
      rails (~> 6.0.0)

PATH
  remote: engines/commercial/verification
  specs:
    verification (0.1.0)
      apartment (~> 2.2.1)
      granular_permissions
      pundit (~> 2.0)
      rails (~> 6.0.0)
      savon (~> 2.12.0)

PATH
  remote: engines/ee/multi_tenancy
  specs:
    multi_tenancy (0.1.0)
      apartment (>= 2.2.1)
      rails (~> 6.0.0)

PATH
  remote: engines/free/email_campaigns
  specs:
    email_campaigns (0.1.0)
      active_model_serializers (~> 0.10.7)
      ice_cube
      kaminari (~> 1.2)
      liquid (~> 4.0)
      mailgun-ruby (~> 1.2.0)
      pundit (~> 2.0)
      rails (~> 6.0.0)

PATH
  remote: engines/free/frontend
  specs:
    frontend (0.1.0)
      rails (~> 6.0.0)

PATH
  remote: engines/free/onboarding
  specs:
    onboarding (0.1.0)
      active_model_serializers (~> 0.10.7)
      kaminari (~> 1.2)
      pundit (~> 2.0)
      rails (~> 6.0.0)

PATH
  remote: engines/free/polls
  specs:
    polls (0.1.0)
      acts_as_list (~> 0.9.17)
      kaminari (~> 1.2)
      pundit (~> 2.0)
      rails (~> 6.0.0)

PATH
  remote: engines/free/project_permissions
  specs:
    project_permissions (0.1.0)
      rails (~> 6.0.3, >= 6.0.3.2)

PATH
  remote: engines/free/seo
  specs:
    seo (0.1.0)
      aws-sdk-route53
      google-api-client
      httparty
      koala
      rails (~> 6.0.3, >= 6.0.3.2)

PATH
  remote: engines/free/surveys
  specs:
    surveys (0.1.0)
      active_model_serializers (~> 0.10.7)
      httparty (~> 0.16.2)
      kaminari (~> 1.2)
      pundit (~> 2.0)
      rails (~> 6.0.0)

PATH
  remote: engines/free/user_confirmation
  specs:
    user_confirmation (0.1.0)
      rails (~> 6.0.3, >= 6.0.3.5)

PATH
  remote: engines/free/volunteering
  specs:
    volunteering (0.1.0)
      acts_as_list (~> 0.9.17)
      kaminari (~> 1.2)
      pundit (~> 2.0)
      rails (~> 6.0.0)

GEM
  remote: https://rubygems.org/
  specs:
    abstract_type (0.0.7)
    actioncable (6.0.3.5)
      actionpack (= 6.0.3.5)
      nio4r (~> 2.0)
      websocket-driver (>= 0.6.1)
    actionmailbox (6.0.3.5)
      actionpack (= 6.0.3.5)
      activejob (= 6.0.3.5)
      activerecord (= 6.0.3.5)
      activestorage (= 6.0.3.5)
      activesupport (= 6.0.3.5)
      mail (>= 2.7.1)
    actionmailer (6.0.3.5)
      actionpack (= 6.0.3.5)
      actionview (= 6.0.3.5)
      activejob (= 6.0.3.5)
      mail (~> 2.5, >= 2.5.4)
      rails-dom-testing (~> 2.0)
    actionpack (6.0.3.5)
      actionview (= 6.0.3.5)
      activesupport (= 6.0.3.5)
      rack (~> 2.0, >= 2.0.8)
      rack-test (>= 0.6.3)
      rails-dom-testing (~> 2.0)
      rails-html-sanitizer (~> 1.0, >= 1.2.0)
    actiontext (6.0.3.5)
      actionpack (= 6.0.3.5)
      activerecord (= 6.0.3.5)
      activestorage (= 6.0.3.5)
      activesupport (= 6.0.3.5)
      nokogiri (>= 1.8.5)
    actionview (6.0.3.5)
      activesupport (= 6.0.3.5)
      builder (~> 3.1)
      erubi (~> 1.4)
      rails-dom-testing (~> 2.0)
      rails-html-sanitizer (~> 1.1, >= 1.2.0)
    active_model_serializers (0.10.10)
      actionpack (>= 4.1, < 6.1)
      activemodel (>= 4.1, < 6.1)
      case_transform (>= 0.2)
      jsonapi-renderer (>= 0.1.1.beta1, < 0.3)
    activejob (6.0.3.5)
      activesupport (= 6.0.3.5)
      globalid (>= 0.3.6)
    activemodel (6.0.3.5)
      activesupport (= 6.0.3.5)
    activerecord (6.0.3.5)
      activemodel (= 6.0.3.5)
      activesupport (= 6.0.3.5)
    activerecord-import (1.0.6)
      activerecord (>= 3.2)
    activerecord-postgis-adapter (6.0.0)
      activerecord (~> 6.0)
      rgeo-activerecord (~> 6.0)
    activerecord_json_validator (1.3.0)
      activerecord (>= 4.2.0, < 7)
      json-schema (~> 2.8)
    activestorage (6.0.3.5)
      actionpack (= 6.0.3.5)
      activejob (= 6.0.3.5)
      activerecord (= 6.0.3.5)
      marcel (~> 0.3.1)
    activesupport (6.0.3.5)
      concurrent-ruby (~> 1.0, >= 1.0.2)
      i18n (>= 0.7, < 2)
      minitest (~> 5.1)
      tzinfo (~> 1.1)
      zeitwerk (~> 2.2, >= 2.2.2)
    acts_as_list (0.9.19)
      activerecord (>= 3.0)
    adamantium (0.2.0)
      ice_nine (~> 0.11.0)
      memoizable (~> 0.4.0)
    addressable (2.8.0)
      public_suffix (>= 2.0.2, < 5.0)
    aes_key_wrap (1.0.1)
    akami (1.3.1)
      gyoku (>= 0.4.0)
      nokogiri
    amq-protocol (2.3.0)
    anima (0.3.2)
      abstract_type (~> 0.0.7)
      adamantium (~> 0.2)
      equalizer (~> 0.0.11)
    api-pagination (4.8.2)
    ast (2.4.1)
    attr_required (1.0.1)
    awesome_nested_set (3.4.0)
      activerecord (>= 4.0.0, < 7.0)
    aws-eventstream (1.0.3)
    aws-partitions (1.248.0)
    aws-sdk-core (3.82.0)
      aws-eventstream (~> 1.0, >= 1.0.2)
      aws-partitions (~> 1, >= 1.239.0)
      aws-sigv4 (~> 1.1)
      jmespath (~> 1.0)
    aws-sdk-kms (1.26.0)
      aws-sdk-core (~> 3, >= 3.71.0)
      aws-sigv4 (~> 1.1)
    aws-sdk-route53 (1.35.0)
      aws-sdk-core (~> 3, >= 3.71.0)
      aws-sigv4 (~> 1.1)
    aws-sdk-s3 (1.57.0)
      aws-sdk-core (~> 3, >= 3.77.0)
      aws-sdk-kms (~> 1)
      aws-sigv4 (~> 1.1)
    aws-sigv4 (1.1.0)
      aws-eventstream (~> 1.0, >= 1.0.2)
    axlsx (3.0.0.pre)
      htmlentities (~> 4.3, >= 4.3.4)
      mimemagic (~> 0.3)
      nokogiri (~> 1.8, >= 1.8.2)
      rubyzip (~> 1.2, >= 1.2.1)
    bcrypt (3.1.13)
    bindata (2.4.10)
    binding_ninja (0.2.3)
    binding_of_caller (0.8.0)
      debug_inspector (>= 0.0.1)
    bootsnap (1.4.6)
      msgpack (~> 1.0)
    builder (3.2.4)
    bullet (6.1.0)
      activesupport (>= 3.0.0)
      uniform_notifier (~> 1.11)
    bunny (2.14.3)
      amq-protocol (~> 2.3, >= 2.3.0)
    byebug (11.1.3)
    carrierwave (2.2.0)
      activemodel (>= 5.0.0)
      activesupport (>= 5.0.0)
      addressable (~> 2.6)
      image_processing (~> 1.1)
      mimemagic (>= 0.3.0)
      mini_mime (>= 0.1.3)
      ssrf_filter (~> 1.0)
    carrierwave-base64 (2.8.1)
      carrierwave (>= 0.8.0)
      mime-types (~> 3.0)
      mimemagic (~> 0.3.2)
    case_transform (0.2)
      activesupport
    coderay (1.1.3)
    concord (0.1.6)
      adamantium (~> 0.2.0)
      equalizer (~> 0.0.9)
    concurrent-ruby (1.1.9)
    counter_culture (2.8.0)
      activerecord (>= 4.2)
      activesupport (>= 4.2)
    crack (0.4.5)
      rexml
    crass (1.0.6)
    css_parser (1.7.0)
      addressable
    dalli (2.7.9)
    database_cleaner (1.7.0)
    debug_inspector (1.0.0)
    declarative (0.0.20)
    declarative-option (0.1.0)
    diff-lcs (1.3)
    docile (1.3.1)
    domain_name (0.5.20190701)
      unf (>= 0.0.5, < 1.0.0)
    easy_translate (0.5.1)
      thread
      thread_safe
    equalizer (0.0.11)
    erubi (1.10.0)
    excon (0.71.1)
    factory_bot (6.2.0)
      activesupport (>= 5.0.0)
    factory_bot_rails (6.2.0)
      factory_bot (~> 6.2.0)
      railties (>= 5.0.0)
    faker (2.17.0)
      i18n (>= 1.6, < 2)
    faraday (0.17.4)
      multipart-post (>= 1.2, < 3)
    ffi (1.15.0)
    fog-aws (3.5.2)
      fog-core (~> 2.1)
      fog-json (~> 1.1)
      fog-xml (~> 0.1)
      ipaddress (~> 0.8)
    fog-core (2.1.2)
      builder
      excon (~> 0.58)
      formatador (~> 0.2)
      mime-types
    fog-json (1.2.0)
      fog-core
      multi_json (~> 1.10)
    fog-xml (0.1.3)
      fog-core
      nokogiri (>= 1.5.11, < 2.0.0)
    formatador (0.2.5)
    globalid (0.4.2)
      activesupport (>= 4.2.0)
    google-api-client (0.52.0)
      addressable (~> 2.5, >= 2.5.1)
      googleauth (~> 0.9)
      httpclient (>= 2.8.1, < 3.0)
      mini_mime (~> 1.0)
      representable (~> 3.0)
      retriable (>= 2.0, < 4.0)
      rexml
      signet (~> 0.12)
    googleauth (0.10.0)
      faraday (~> 0.12)
      jwt (>= 1.4, < 3.0)
      memoist (~> 0.16)
      multi_json (~> 1.11)
      os (>= 0.9, < 2.0)
      signet (~> 0.12)
    graphql (1.8.18)
    groupdate (4.1.0)
      activesupport (>= 4.2)
    gyoku (1.3.1)
      builder (>= 2.1.2)
    hashdiff (1.0.1)
    hashie (4.1.0)
    htmlentities (4.3.4)
    http-cookie (1.0.3)
      domain_name (~> 0.5)
    httparty (0.16.4)
      mime-types (~> 3.0)
      multi_xml (>= 0.5.2)
    httpclient (2.8.3)
    httpi (2.4.5)
      rack
      socksify
    i18n (1.8.10)
      concurrent-ruby (~> 1.0)
    ice_nine (0.11.2)
    image_processing (1.12.1)
      mini_magick (>= 4.9.5, < 5)
      ruby-vips (>= 2.0.17, < 3)
    interactor (3.1.2)
    interactor-rails (2.2.1)
      interactor (~> 3.0)
      rails (>= 4.2)
    intercom (4.1.1)
    ipaddress (0.8.3)
    jmespath (1.4.0)
    json (2.3.1)
    json-jwt (1.11.0)
      activesupport (>= 4.2)
      aes_key_wrap
      bindata
    json-schema (2.8.1)
      addressable (>= 2.4)
    jsonapi-renderer (0.2.2)
    jwt (2.2.2)
    kaminari (1.2.1)
      activesupport (>= 4.1.0)
      kaminari-actionview (= 1.2.1)
      kaminari-activerecord (= 1.2.1)
      kaminari-core (= 1.2.1)
    kaminari-actionview (1.2.1)
      actionview
      kaminari-core (= 1.2.1)
    kaminari-activerecord (1.2.1)
      activerecord
      kaminari-core (= 1.2.1)
    kaminari-core (1.2.1)
    koala (3.0.0)
      addressable
      faraday
      json (>= 1.8)
    license_finder (6.10.1)
      bundler
      rubyzip (>= 1, < 3)
      thor (~> 1.0.1)
      tomlrb (>= 1.3, < 2.1)
      with_env (= 1.1.0)
      xml-simple (~> 1.1.5)
    liquid (4.0.1)
    listen (3.1.5)
      rb-fsevent (~> 0.9, >= 0.9.4)
      rb-inotify (~> 0.9, >= 0.9.7)
      ruby_dep (~> 1.2)
    loofah (2.10.0)
      crass (~> 1.0.2)
      nokogiri (>= 1.5.9)
    mail (2.7.1)
      mini_mime (>= 0.1.1)
    mailgun-ruby (1.2.0)
      rest-client (~> 2.0.2)
    marcel (0.3.3)
      mimemagic (~> 0.3.2)
    memoist (0.16.2)
    memoizable (0.4.2)
      thread_safe (~> 0.3, >= 0.3.1)
    method_source (1.0.0)
    mime-types (3.3.1)
      mime-types-data (~> 3.2015)
    mime-types-data (3.2020.1104)
    mimemagic (0.3.7)
      nokogiri (~> 1.11.2)
    mini_magick (4.9.5)
    mini_mime (1.0.2)
    mini_portile2 (2.5.3)
    minitest (5.14.4)
    mjml-rails (4.4.0)
    mprelude (0.1.0)
      abstract_type (~> 0.0.7)
      adamantium (~> 0.2.0)
      concord (~> 0.1.5)
      equalizer (~> 0.0.9)
      ice_nine (~> 0.11.1)
      procto (~> 0.0.2)
    msgpack (1.3.3)
    multi_json (1.15.0)
    multi_xml (0.6.0)
    multipart-post (2.1.1)
    mustache (1.1.0)
    mustermann (1.1.1)
      ruby2_keywords (~> 0.0.1)
    netrc (0.11.0)
    nio4r (2.5.7)
    nokogiri (1.11.7)
      mini_portile2 (~> 2.5.0)
      racc (~> 1.4)
    nori (2.6.0)
    oauth2 (1.4.7)
      faraday (>= 0.8, < 2.0)
      jwt (>= 1.0, < 3.0)
      multi_json (~> 1.3)
      multi_xml (~> 0.5)
      rack (>= 1.2, < 3)
    okcomputer (1.18.4)
    omniauth (1.9.1)
      hashie (>= 3.4.6)
      rack (>= 1.6.2, < 3)
    omniauth-auth0 (2.6.0)
      omniauth (~> 1.9)
      omniauth-oauth2 (~> 1.5)
    omniauth-facebook (8.0.0)
      omniauth-oauth2 (~> 1.2)
    omniauth-google-oauth2 (0.8.2)
      jwt (>= 2.0)
      oauth2 (~> 1.1)
      omniauth (~> 1.1)
      omniauth-oauth2 (>= 1.6)
    omniauth-oauth2 (1.7.1)
      oauth2 (~> 1.4)
      omniauth (>= 1.9, < 3)
    omniauth-rails_csrf_protection (0.1.2)
      actionpack (>= 4.2)
      omniauth (>= 1.3.1)
    omniauth_openid_connect (0.3.3)
      addressable (~> 2.5)
      omniauth (~> 1.9)
      openid_connect (~> 1.1)
    optimist (3.0.1)
    order_as_specified (1.7)
      activerecord (>= 5.0.0)
    os (1.1.1)
    parallel (1.19.0)
    parser (2.7.2.0)
      ast (~> 2.4.1)
    pg (1.2.3)
    pg_search (2.3.5)
      activerecord (>= 5.2)
      activesupport (>= 5.2)
    premailer (1.11.1)
      addressable
      css_parser (>= 1.6.0)
      htmlentities (>= 4.0.0)
    premailer-rails (1.10.3)
      actionmailer (>= 3)
      premailer (~> 1.7, >= 1.7.9)
    proc_to_ast (0.1.0)
      coderay
      parser
      unparser
    procto (0.0.3)
    pry (0.13.1)
      coderay (~> 1.1)
      method_source (~> 1.0)
    pry-byebug (3.9.0)
      byebug (~> 11.0)
      pry (~> 0.13.0)
    pry-stack_explorer (0.4.13)
      binding_of_caller (~> 0.7)
      pry (~> 0.13)
    public_suffix (4.0.6)
    puma (4.3.8)
      nio4r (~> 2.0)
    que-web (0.9.3)
      que (~> 1.0.0.beta3)
      sinatra
    racc (1.5.2)
    rack (2.2.3)
    rack-attack (6.3.1)
      rack (>= 1.0, < 3)
    rack-cors (1.1.0)
      rack (>= 2.0.0)
    rack-mini-profiler (1.1.3)
      rack (>= 1.2.0)
    rack-oauth2 (1.10.1)
      activesupport
      attr_required
      httpclient
      json-jwt (>= 1.11.0)
      rack
    rack-protection (2.1.0)
      rack
    rack-test (1.1.0)
      rack (>= 1.0, < 3)
    rails (6.0.3.5)
      actioncable (= 6.0.3.5)
      actionmailbox (= 6.0.3.5)
      actionmailer (= 6.0.3.5)
      actionpack (= 6.0.3.5)
      actiontext (= 6.0.3.5)
      actionview (= 6.0.3.5)
      activejob (= 6.0.3.5)
      activemodel (= 6.0.3.5)
      activerecord (= 6.0.3.5)
      activestorage (= 6.0.3.5)
      activesupport (= 6.0.3.5)
      bundler (>= 1.3.0)
      railties (= 6.0.3.5)
      sprockets-rails (>= 2.0.0)
    rails-dom-testing (2.0.3)
      activesupport (>= 4.2.0)
      nokogiri (>= 1.6)
    rails-html-sanitizer (1.3.0)
      loofah (~> 2.3)
    rails-i18n (6.0.0)
      i18n (>= 0.7, < 2)
      railties (>= 6.0.0, < 7)
    rails_semantic_logger (4.4.3)
      rack
      railties (>= 3.2)
      semantic_logger (~> 4.4)
    railties (6.0.3.5)
      actionpack (= 6.0.3.5)
      activesupport (= 6.0.3.5)
      method_source
      rake (>= 0.8.7)
      thor (>= 0.20.3, < 2.0)
    rainbow (3.0.0)
    rake (13.0.3)
    rb-fsevent (0.10.3)
    rb-inotify (0.9.10)
      ffi (>= 0.5.0, < 2)
    rbtrace (0.4.13)
      ffi (>= 1.0.6)
      msgpack (>= 0.4.3)
      optimist (>= 3.0.0)
    redcarpet (3.5.1)
    regexp_parser (2.0.3)
    representable (3.0.4)
      declarative (< 0.1.0)
      declarative-option (< 0.2.0)
      uber (< 0.2.0)
    rest-client (2.0.2)
      http-cookie (>= 1.0.2, < 2.0)
      mime-types (>= 1.16, < 4.0)
      netrc (~> 0.8)
    retriable (3.1.2)
    rexml (3.2.5)
    rgeo (2.1.1)
    rgeo-activerecord (6.2.1)
      activerecord (>= 5.0)
      rgeo (>= 1.0.0)
    rgeo-geojson (2.1.1)
      rgeo (>= 1.0.0)
    rinku (2.0.5)
    rspec (3.9.0)
      rspec-core (~> 3.9.0)
      rspec-expectations (~> 3.9.0)
      rspec-mocks (~> 3.9.0)
    rspec-core (3.9.1)
      rspec-support (~> 3.9.1)
    rspec-expectations (3.9.1)
      diff-lcs (>= 1.2.0, < 2.0)
      rspec-support (~> 3.9.0)
    rspec-mocks (3.9.1)
      diff-lcs (>= 1.2.0, < 2.0)
      rspec-support (~> 3.9.0)
    rspec-parameterized (0.5.0)
      binding_ninja (>= 0.2.3)
      parser
      proc_to_ast
      rspec (>= 2.13, < 4)
      unparser
    rspec-rails (4.0.0)
      actionpack (>= 4.2)
      activesupport (>= 4.2)
      railties (>= 4.2)
      rspec-core (~> 3.9)
      rspec-expectations (~> 3.9)
      rspec-mocks (~> 3.9)
      rspec-support (~> 3.9)
    rspec-support (3.9.2)
    rspec_api_documentation (6.1.0)
      activesupport (>= 3.0.0)
      mustache (~> 1.0, >= 0.99.4)
      rspec (~> 3.0)
    rspec_junit_formatter (0.4.1)
      rspec-core (>= 2, < 4, != 2.12.0)
    rubocop (0.93.1)
      parallel (~> 1.10)
      parser (>= 2.7.1.5)
      rainbow (>= 2.2.2, < 4.0)
      regexp_parser (>= 1.8)
      rexml
      rubocop-ast (>= 0.6.0)
      ruby-progressbar (~> 1.7)
      unicode-display_width (>= 1.4.0, < 2.0)
    rubocop-ast (0.7.1)
      parser (>= 2.7.1.5)
    rubocop-performance (1.8.1)
      rubocop (>= 0.87.0)
      rubocop-ast (>= 0.4.0)
    rubocop-rails (2.8.1)
      activesupport (>= 4.2.0)
      rack (>= 1.1)
      rubocop (>= 0.87.0)
    rubocop-rspec (1.44.0)
      rubocop (~> 0.87)
      rubocop-ast (~> 0.7.1)
    ruby-progressbar (1.10.1)
    ruby-vips (2.1.0)
      ffi (~> 1.12)
    ruby2_keywords (0.0.4)
    rubyXL (3.3.31)
      nokogiri (>= 1.4.4)
      rubyzip (>= 1.1.6)
    ruby_dep (1.5.0)
    rubyzip (1.3.0)
    savon (2.12.1)
      akami (~> 1.2)
      builder (>= 2.1.2)
      gyoku (~> 1.2)
      httpi (~> 2.3)
      nokogiri (>= 1.8.1)
      nori (~> 2.4)
      wasabi (~> 3.4)
    scenic (1.5.1)
      activerecord (>= 4.0.0)
      railties (>= 4.0.0)
    semantic_logger (4.6.0)
      concurrent-ruby (~> 1.0)
    sentry-raven (2.12.3)
      faraday (>= 0.7.6, < 1.0)
    shoulda-matchers (3.1.2)
      activesupport (>= 4.0.0)
    signet (0.12.0)
      addressable (~> 2.3)
      faraday (~> 0.9)
      jwt (>= 1.5, < 3.0)
      multi_json (~> 1.10)
    simple_segment (1.2.0)
    simplecov (0.16.1)
      docile (~> 1.1)
      json (>= 1.8, < 3)
      simplecov-html (~> 0.10.0)
    simplecov-html (0.10.2)
    simplecov-rcov (0.2.3)
      simplecov (>= 0.4.1)
    sinatra (2.1.0)
      mustermann (~> 1.0)
      rack (~> 2.2)
      rack-protection (= 2.1.0)
      tilt (~> 2.0)
    socksify (1.7.1)
    spring (2.0.2)
      activesupport (>= 4.2)
    spring-watcher-listen (2.0.1)
      listen (>= 2.7, < 4.0)
      spring (>= 1.2, < 3.0)
    sprockets (4.0.2)
      concurrent-ruby (~> 1.0)
      rack (> 1, < 3)
    sprockets-rails (3.2.2)
      actionpack (>= 4.0)
      activesupport (>= 4.0)
      sprockets (>= 3.0.0)
    ssrf_filter (1.0.7)
    swd (1.1.2)
      activesupport (>= 3)
      attr_required (>= 0.0.5)
      httpclient (>= 2.4)
    test-prof (1.0.2)
    thor (1.0.1)
    thread (0.2.2)
    thread_safe (0.3.6)
    tilt (2.0.10)
    tomlrb (2.0.1)
    tzinfo (1.2.9)
      thread_safe (~> 0.1)
    uber (0.1.0)
    unf (0.1.4)
      unf_ext
    unf_ext (0.0.7.7)
    unicode-display_width (1.7.0)
    uniform_notifier (1.13.0)
    unparser (0.5.5)
      abstract_type (~> 0.0.7)
      adamantium (~> 0.2.0)
      anima (~> 0.3.1)
      concord (~> 0.1.5)
      diff-lcs (~> 1.3)
      equalizer (~> 0.0.9)
      mprelude (~> 0.1.0)
      parser (>= 2.6.5)
      procto (~> 0.0.2)
    validate_email (0.1.6)
      activemodel (>= 3.0)
      mail (>= 2.2.5)
    validate_url (1.0.8)
      activemodel (>= 3.0.0)
      public_suffix
    wasabi (3.6.1)
      addressable
      httpi (~> 2.0)
      nokogiri (>= 1.4.2)
    webfinger (1.1.0)
      activesupport
      httpclient (>= 2.4)
    webmock (3.12.1)
      addressable (>= 2.3.6)
      crack (>= 0.3.2)
      hashdiff (>= 0.4.0, < 2.0.0)
    websocket-driver (0.7.3)
      websocket-extensions (>= 0.1.0)
    websocket-extensions (0.1.5)
    with_env (1.1.0)
    xml-simple (1.1.8)
    zeitwerk (2.4.2)

PLATFORMS
  ruby

DEPENDENCIES
  active_model_serializers (~> 0.10.8)
  activerecord-import (~> 1.0)
  activerecord-postgis-adapter (~> 6.0.0)
  activerecord_json_validator (~> 1.3.0)
  acts_as_list
  admin_api!
  apartment!
  api-pagination (~> 4.8.2)
  awesome_nested_set (~> 3.4.0)
  aws-sdk-s3 (~> 1)
  axlsx (= 3.0.0.pre)
  bcrypt (~> 3.1.7)
  bootsnap
  bullet
  bunny (>= 2.7.2)
  byebug
  carrierwave (~> 2.2.0)
  carrierwave-base64 (~> 2.8.1)
  clusterings!
  counter_culture (~> 2.8)
  custom_idea_statuses!
  custom_maps!
  custom_style!
  custom_topics!
  dalli
  database_cleaner
  email_campaigns!
  factory_bot_rails
  faker
  fast_jsonapi!
  flag_inappropriate_content!
  fog-aws
  frontend!
  geographic_dashboard!
  google_tag_manager!
  granular_permissions!
  groupdate
  ice_cube!
  id_auth0!
  id_bogus!
  id_bosa_fas!
  id_clave_unica!
  id_cow!
  id_franceconnect!
  id_id_card_lookup!
  idea_assignment!
  idea_custom_fields!
  insights!
  interactor
  interactor-rails
  intercom (~> 4.1)
  kaminari (~> 1.2)
  knock!
  license_finder
  liquid (~> 4.0)
  listen (>= 3.0.5, < 3.2)
  machine_translations!
  mailgun-ruby (~> 1.2.0)
  matomo!
  mini_magick (~> 4.9)
  mjml-rails (~> 4.4)
  moderation!
  multi_tenancy!
  nlp!
  okcomputer
  omniauth (~> 1.9.1)
  omniauth-azure-activedirectory!
  omniauth-facebook
  omniauth-google-oauth2
  omniauth-rails_csrf_protection
  omniauth_openid_connect (~> 0.3.3)
  onboarding!
  openid_connect!
  order_as_specified
  pg
  pg_search (~> 2.3.5)
  polls!
  premailer-rails (~> 1.10.3)
  project_folders!
  project_management!
  project_permissions!
  pry
  pry-byebug
  pry-stack_explorer
  public_api!
  puma (~> 4.3.8)
  pundit!
  que!
  que-web
  rack-attack (~> 6)
  rack-cors
  rack-mini-profiler
  rails (~> 6.0.3.5)
  rails-i18n (~> 6.0.0)
  rails_semantic_logger
  rbtrace
  redcarpet
  rest-client
  rgeo-geojson
  rinku (~> 2)
  rspec-parameterized
  rspec-rails
  rspec_api_documentation
  rspec_junit_formatter
  rubocop-ast (~> 0.7.1)
  rubocop-performance
  rubocop-rails
  rubocop-rspec
  rubyXL
  rubyzip (~> 1.3.0)
  scenic
  sentry-raven
  seo!
  shoulda-matchers (~> 3.1)
  simple_segment (~> 1.2)
  simplecov
  simplecov-rcov
  smart_groups!
  spring
  spring-watcher-listen (~> 2.0.0)
  surveys!
  tagging!
  test-prof (~> 1.0)
  user_confirmation!
  user_custom_fields!
  verification!
  volunteering!
  webmock (~> 3.12)

BUNDLED WITH
   1.17.3
