PATH
  remote: engines/commercial/admin_api
  specs:
    admin_api (0.1.0)
      active_model_serializers (~> 0.10.7)
      graphql (~> 1.8.0)
      kaminari (~> 1.2)
      multi_tenancy
      rails (~> 7.0)
      ros-apartment (>= 2.9.0)

PATH
  remote: engines/commercial/analysis
  specs:
    analysis (0.1.0)
      nlpcloud (~> 1.0)
      rails (~> 7.0)
      ruby-openai (~> 4.2)

PATH
  remote: engines/commercial/analytics
  specs:
    analytics (0.1.0)
      rails (~> 7.0)
      scenic

PATH
  remote: engines/commercial/bulk_import_ideas
  specs:
    bulk_import_ideas (0.1.0)
      active_model_serializers (~> 0.10.7)
      pundit (~> 2.0)
      rails (~> 7.0)
      ros-apartment (>= 2.9.0)

PATH
  remote: engines/commercial/content_builder
  specs:
    content_builder (0.1.0)
      active_model_serializers (~> 0.10.7)
      pundit (~> 2.0)
      rails (~> 7.0)
      ros-apartment (>= 2.9.0)

PATH
  remote: engines/commercial/custom_idea_statuses
  specs:
    custom_idea_statuses (0.1.0)
      active_model_serializers (~> 0.10.7)
      pundit (~> 2.0)
      rails (~> 7.0)

PATH
  remote: engines/commercial/custom_maps
  specs:
    custom_maps (0.1.0)
      pundit (~> 2.0)
      rails (~> 7.0)
      ros-apartment (>= 2.9.0)

PATH
  remote: engines/commercial/flag_inappropriate_content
  specs:
    flag_inappropriate_content (0.1.0)
      active_model_serializers (~> 0.10.7)
      email_campaigns
      moderation
      pundit (~> 2.0)
      rails (~> 7.0)
      ros-apartment (>= 2.9.0)

PATH
  remote: engines/commercial/geographic_dashboard
  specs:
    geographic_dashboard (0.1.0)
      rails (~> 7.0)

PATH
  remote: engines/commercial/google_tag_manager
  specs:
    google_tag_manager (0.1.0)
      rails (~> 7.0)

PATH
  remote: engines/commercial/granular_permissions
  specs:
    granular_permissions (0.1.0)
      pundit (~> 2.0)
      rails (~> 7.0)

PATH
  remote: engines/commercial/id_auth0
  specs:
    id_auth0 (0.1.0)
      omniauth-auth0 (~> 2.0)
      rails (~> 7.0)
      verification

PATH
  remote: engines/commercial/id_bogus
  specs:
    id_bogus (0.1.0)
      rails (~> 7.0)
      verification

PATH
  remote: engines/commercial/id_bosa_fas
  specs:
    id_bosa_fas (0.1.0)
      rails (~> 7.0)
      verification

PATH
  remote: engines/commercial/id_clave_unica
  specs:
    id_clave_unica (0.1.0)
      omniauth_openid_connect
      rails (~> 7.0)
      verification

PATH
  remote: engines/commercial/id_cow
  specs:
    id_cow (0.1.0)
      rails (~> 7.0)
      savon (~> 2.12.0)
      verification

PATH
  remote: engines/commercial/id_franceconnect
  specs:
    id_franceconnect (0.1.0)
      rails (~> 7.0)
      verification

PATH
  remote: engines/commercial/id_gent_rrn
  specs:
    id_gent_rrn (0.1.0)
      httparty
      rails (~> 7.0)
      verification

PATH
  remote: engines/commercial/id_id_card_lookup
  specs:
    id_id_card_lookup (0.1.0)
      admin_api
      rails (~> 7.0)
      savon (~> 2.12.0)
      verification

PATH
  remote: engines/commercial/id_oostende_rrn
  specs:
    id_oostende_rrn (0.1.0)
      httparty
      rails (~> 7.0)
      verification

PATH
  remote: engines/commercial/id_vienna_saml
  specs:
    id_vienna_saml (1.0.0)
      omniauth-saml (~> 1.10.3)
      rails (~> 7.0)

PATH
  remote: engines/commercial/idea_assignment
  specs:
    idea_assignment (0.1.0)
      email_campaigns
      rails (~> 7.0)

PATH
  remote: engines/commercial/idea_custom_fields
  specs:
    idea_custom_fields (0.1.0)
      rails (~> 7.0)

PATH
  remote: engines/commercial/impact_tracking
  specs:
    impact_tracking (0.1.0)
      crawler_detect (~> 1.2.1)
      rails (~> 7.0)

PATH
  remote: engines/commercial/insights
  specs:
    insights (0.1.0)
      rails (~> 7.0)

PATH
  remote: engines/commercial/machine_translations
  specs:
    machine_translations (0.1.0)
      active_model_serializers (~> 0.10.7)
      easy_translate
      pundit (~> 2.0)
      rails (~> 7.0)
      ros-apartment (>= 2.9.0)

PATH
  remote: engines/commercial/matomo
  specs:
    matomo (0.1.0)
      rails (~> 7.0)

PATH
  remote: engines/commercial/moderation
  specs:
    moderation (0.1.0)
      active_model_serializers (~> 0.10.7)
      pundit (~> 2.0)
      rails (~> 7.0)

PATH
  remote: engines/commercial/multi_tenancy
  specs:
    multi_tenancy (0.1.0)
      nlp
      rails (~> 7.0)
      ros-apartment (>= 2.9.0)

PATH
  remote: engines/commercial/nlp
  specs:
    nlp (0.1.0)
      bunny
      httparty
      rails (~> 7.0)

PATH
  remote: engines/commercial/posthog_integration
  specs:
    posthog_integration (0.1.0)
      posthog-ruby (~> 2.1)
      rails (~> 7.0)

PATH
  remote: engines/commercial/public_api
  specs:
    public_api (0.1.0)
      active_model_serializers (~> 0.10.7)
      kaminari (~> 1.2)
      pundit (~> 2.0)
      rails (~> 7.0)
      ros-apartment (>= 2.9.0)

PATH
  remote: engines/commercial/remove_vendor_branding
  specs:
    remove_vendor_branding (0.1.0)

PATH
  remote: engines/commercial/report_builder
  specs:
    report_builder (0.1.0)
      content_builder
      rails (~> 7.0)

PATH
  remote: engines/commercial/smart_groups
  specs:
    smart_groups (0.1.0)
      rails (~> 7.0)

PATH
  remote: engines/commercial/texting
  specs:
    texting (0.1.0)
      rails (~> 7.0)
      smstools (~> 0.2.2)
      twilio-ruby (>= 5.77, < 6.4)

PATH
  remote: engines/commercial/user_custom_fields
  specs:
    user_custom_fields (0.1.0)
      active_model_serializers (~> 0.10.7)
      pundit (~> 2.0)
      rails (~> 7.0)
      ros-apartment (>= 2.9.0)

PATH
  remote: engines/commercial/verification
  specs:
    verification (0.1.0)
      granular_permissions
      pundit (~> 2.0)
      rails (~> 7.0)
      ros-apartment (>= 2.9.0)
      savon (~> 2.12.0)

PATH
  remote: engines/free/document_annotation
  specs:
    document_annotation (0.1.0)
      active_model_serializers (~> 0.10.7)
      httparty
      kaminari (~> 1.2)
      pundit (~> 2.0)
      rails (~> 7.0)

PATH
  remote: engines/free/email_campaigns
  specs:
    email_campaigns (0.1.0)
      active_model_serializers (~> 0.10.7)
      ice_cube
      kaminari (~> 1.2)
      liquid (>= 4, < 6)
      mailgun-ruby (~> 1.2.0)
      pundit (~> 2.0)
      rails (~> 7.0)

PATH
  remote: engines/free/frontend
  specs:
    frontend (0.1.0)
      rails (~> 7.0)

PATH
  remote: engines/free/onboarding
  specs:
    onboarding (0.1.0)
      active_model_serializers (~> 0.10.7)
      kaminari (~> 1.2)
      pundit (~> 2.0)
      rails (~> 7.0)

PATH
  remote: engines/free/polls
  specs:
    polls (0.1.0)
      acts_as_list (~> 1.0)
      kaminari (~> 1.2)
      pundit (~> 2.0)
      rails (~> 7.0)

PATH
  remote: engines/free/seo
  specs:
    seo (0.1.0)
      aws-sdk-route53
      google-api-client
      httparty
      koala
      rails (~> 7.0)

PATH
  remote: engines/free/surveys
  specs:
    surveys (0.1.0)
      active_model_serializers (~> 0.10.7)
      httparty
      kaminari (~> 1.2)
      pundit (~> 2.0)
      rails (~> 7.0)

PATH
  remote: engines/free/volunteering
  specs:
    volunteering (0.1.0)
      acts_as_list (~> 1.0)
      kaminari (~> 1.2)
      pundit (~> 2.0)
      rails (~> 7.0)

GEM
  remote: https://rubygems.org/
  specs:
    actioncable (7.0.5.1)
      actionpack (= 7.0.5.1)
      activesupport (= 7.0.5.1)
      nio4r (~> 2.0)
      websocket-driver (>= 0.6.1)
    actionmailbox (7.0.5.1)
      actionpack (= 7.0.5.1)
      activejob (= 7.0.5.1)
      activerecord (= 7.0.5.1)
      activestorage (= 7.0.5.1)
      activesupport (= 7.0.5.1)
      mail (>= 2.7.1)
      net-imap
      net-pop
      net-smtp
    actionmailer (7.0.5.1)
      actionpack (= 7.0.5.1)
      actionview (= 7.0.5.1)
      activejob (= 7.0.5.1)
      activesupport (= 7.0.5.1)
      mail (~> 2.5, >= 2.5.4)
      net-imap
      net-pop
      net-smtp
      rails-dom-testing (~> 2.0)
    actionpack (7.0.5.1)
      actionview (= 7.0.5.1)
      activesupport (= 7.0.5.1)
      rack (~> 2.0, >= 2.2.4)
      rack-test (>= 0.6.3)
      rails-dom-testing (~> 2.0)
      rails-html-sanitizer (~> 1.0, >= 1.2.0)
    actiontext (7.0.5.1)
      actionpack (= 7.0.5.1)
      activerecord (= 7.0.5.1)
      activestorage (= 7.0.5.1)
      activesupport (= 7.0.5.1)
      globalid (>= 0.6.0)
      nokogiri (>= 1.8.5)
    actionview (7.0.5.1)
      activesupport (= 7.0.5.1)
      builder (~> 3.1)
      erubi (~> 1.4)
      rails-dom-testing (~> 2.0)
      rails-html-sanitizer (~> 1.1, >= 1.2.0)
    active_model_serializers (0.10.13)
      actionpack (>= 4.1, < 7.1)
      activemodel (>= 4.1, < 7.1)
      case_transform (>= 0.2)
      jsonapi-renderer (>= 0.1.1.beta1, < 0.3)
    activejob (7.0.5.1)
      activesupport (= 7.0.5.1)
      globalid (>= 0.3.6)
    activemodel (7.0.5.1)
      activesupport (= 7.0.5.1)
    activerecord (7.0.5.1)
      activemodel (= 7.0.5.1)
      activesupport (= 7.0.5.1)
    activerecord-import (1.4.1)
      activerecord (>= 4.2)
    activerecord-postgis-adapter (8.0.2)
      activerecord (~> 7.0.0)
      rgeo-activerecord (~> 7.0.0)
    activestorage (7.0.5.1)
      actionpack (= 7.0.5.1)
      activejob (= 7.0.5.1)
      activerecord (= 7.0.5.1)
      activesupport (= 7.0.5.1)
      marcel (~> 1.0)
      mini_mime (>= 1.1.0)
    activesupport (7.0.5.1)
      concurrent-ruby (~> 1.0, >= 1.0.2)
      i18n (>= 1.6, < 2)
      minitest (>= 5.1)
      tzinfo (~> 2.0)
    acts_as_list (1.1.0)
      activerecord (>= 4.2)
    addressable (2.8.4)
      public_suffix (>= 2.0.2, < 6.0)
    aes_key_wrap (1.1.0)
    akami (1.3.1)
      gyoku (>= 0.4.0)
      nokogiri
    amq-protocol (2.3.2)
    annotate (3.2.0)
      activerecord (>= 3.2, < 8.0)
      rake (>= 10.4, < 14.0)
    api-pagination (5.0.0)
    ast (2.4.2)
    attr_required (1.0.1)
    awesome_nested_set (3.5.0)
      activerecord (>= 4.0.0, < 7.1)
    aws-eventstream (1.2.0)
    aws-partitions (1.786.0)
    aws-sdk-core (3.178.0)
      aws-eventstream (~> 1, >= 1.0.2)
      aws-partitions (~> 1, >= 1.651.0)
      aws-sigv4 (~> 1.5)
      jmespath (~> 1, >= 1.6.1)
    aws-sdk-kms (1.64.0)
      aws-sdk-core (~> 3, >= 3.165.0)
      aws-sigv4 (~> 1.1)
    aws-sdk-route53 (1.76.0)
      aws-sdk-core (~> 3, >= 3.177.0)
      aws-sigv4 (~> 1.1)
    aws-sdk-s3 (1.122.0)
      aws-sdk-core (~> 3, >= 3.165.0)
      aws-sdk-kms (~> 1)
      aws-sigv4 (~> 1.4)
    aws-sigv4 (1.6.0)
      aws-eventstream (~> 1, >= 1.0.2)
    axlsx (3.0.0.pre)
      htmlentities (~> 4.3, >= 4.3.4)
      mimemagic (~> 0.3)
      nokogiri (~> 1.8, >= 1.8.2)
      rubyzip (~> 1.2, >= 1.2.1)
    bcrypt (3.1.18)
    bindata (2.4.15)
    binding_of_caller (1.0.0)
      debug_inspector (>= 0.0.1)
    bootsnap (1.16.0)
      msgpack (~> 1.2)
    builder (3.2.4)
    bullet (7.0.7)
      activesupport (>= 3.0.0)
      uniform_notifier (~> 1.11)
    bundler-audit (0.9.1)
      bundler (>= 1.2.0, < 3)
      thor (~> 1.0)
    bunny (2.20.3)
      amq-protocol (~> 2.3, >= 2.3.1)
      sorted_set (~> 1, >= 1.0.2)
    byebug (11.1.3)
    carrierwave (3.0.0.beta)
      activemodel (>= 6.0.0)
      activesupport (>= 6.0.0)
      addressable (~> 2.6)
      image_processing (~> 1.1)
      marcel (~> 1.0.0)
      ssrf_filter (~> 1.0)
    carrierwave-base64 (2.10.0)
      carrierwave (>= 2.2.1)
      marcel (~> 1.0.0)
      mime-types (~> 3.0)
    case_transform (0.2)
      activesupport
    cloudfront-rails (0.4.0)
      railties (> 4.0)
    coderay (1.1.3)
    concurrent-ruby (1.2.2)
    counter_culture (3.3.0)
      activerecord (>= 4.2)
      activesupport (>= 4.2)
    crack (0.4.5)
      rexml
    crass (1.0.6)
    crawler_detect (1.2.2)
      qonfig (~> 0.24)
    css_parser (1.14.0)
      addressable
    dalli (3.2.4)
    database_cleaner (2.0.1)
      database_cleaner-active_record (~> 2.0.0)
    database_cleaner-active_record (2.0.1)
      activerecord (>= 5.a)
      database_cleaner-core (~> 2.0.0)
    database_cleaner-core (2.0.1)
    date (3.3.3)
    debug_inspector (1.1.0)
    declarative (0.0.20)
    diff-lcs (1.5.0)
    docile (1.4.0)
    domain_name (0.5.20190701)
      unf (>= 0.0.5, < 1.0.0)
    easy_translate (0.5.1)
      thread
      thread_safe
    erubi (1.12.0)
    excon (0.99.0)
    factory_bot (6.2.1)
      activesupport (>= 5.0.0)
    factory_bot_rails (6.2.0)
      factory_bot (~> 6.2.0)
      railties (>= 5.0.0)
    faker (3.2.0)
      i18n (>= 1.8.11, < 2)
    faraday (2.7.10)
      faraday-net_http (>= 2.0, < 3.1)
      ruby2_keywords (>= 0.0.4)
    faraday-follow_redirects (0.3.0)
      faraday (>= 1, < 3)
    faraday-jwt (0.1.0)
      faraday (~> 2.0)
      json-jwt (~> 1.16)
    faraday-multipart (1.0.4)
      multipart-post (~> 2)
    faraday-net_http (3.0.2)
    ffi (1.15.5)
    fog-aws (3.19.0)
      fog-core (~> 2.1)
      fog-json (~> 1.1)
      fog-xml (~> 0.1)
    fog-core (2.3.0)
      builder
      excon (~> 0.71)
      formatador (>= 0.2, < 2.0)
      mime-types
    fog-json (1.2.0)
      fog-core
      multi_json (~> 1.10)
    fog-xml (0.1.4)
      fog-core
      nokogiri (>= 1.5.11, < 2.0.0)
    formatador (1.1.0)
    gems (1.2.0)
    globalid (1.1.0)
      activesupport (>= 5.0)
    google-api-client (0.53.0)
      google-apis-core (~> 0.1)
      google-apis-generator (~> 0.1)
    google-apis-core (0.4.2)
      addressable (~> 2.5, >= 2.5.1)
      googleauth (>= 0.16.2, < 2.a)
      httpclient (>= 2.8.1, < 3.a)
      mini_mime (~> 1.0)
      representable (~> 3.0)
      retriable (>= 2.0, < 4.a)
      rexml
      webrick
    google-apis-discovery_v1 (0.8.0)
      google-apis-core (>= 0.4, < 2.a)
    google-apis-generator (0.4.1)
      activesupport (>= 5.0)
      gems (~> 1.2)
      google-apis-core (>= 0.4, < 2.a)
      google-apis-discovery_v1 (~> 0.5)
      thor (>= 0.20, < 2.a)
    googleauth (1.1.3)
      faraday (>= 0.17.3, < 3.a)
      jwt (>= 1.4, < 3.0)
      memoist (~> 0.16)
      multi_json (~> 1.11)
      os (>= 0.9, < 2.0)
      signet (>= 0.16, < 2.a)
    graphql (1.8.18)
    groupdate (4.3.0)
      activesupport (>= 5)
    gyoku (1.4.0)
      builder (>= 2.1.2)
      rexml (~> 3.0)
    hashdiff (1.0.1)
    hashie (5.0.0)
    htmlentities (4.3.4)
    http-accept (1.7.0)
    http-cookie (1.0.5)
      domain_name (~> 0.5)
    httparty (0.21.0)
      mini_mime (>= 1.0.0)
      multi_xml (>= 0.5.2)
    httpclient (2.8.3)
    httpi (2.5.0)
      rack
      socksify
    i18n (1.14.1)
      concurrent-ruby (~> 1.0)
    ice_cube (0.16.4)
    image_processing (1.12.2)
      mini_magick (>= 4.9.5, < 5)
      ruby-vips (>= 2.0.17, < 3)
    interactor (3.1.2)
    interactor-rails (2.2.1)
      interactor (~> 3.0)
      rails (>= 4.2)
    interception (0.5)
    intercom (4.2.1)
    jmespath (1.6.2)
    json (2.6.3)
    json-jwt (1.16.3)
      activesupport (>= 4.2)
      aes_key_wrap
      bindata
      faraday (~> 2.0)
      faraday-follow_redirects
    json-schema (4.0.0)
      addressable (>= 2.8)
    jsonapi-renderer (0.2.2)
    jsonapi-serializer (2.2.0)
      activesupport (>= 4.2)
    jwt (2.7.0)
    kaminari (1.2.2)
      activesupport (>= 4.1.0)
      kaminari-actionview (= 1.2.2)
      kaminari-activerecord (= 1.2.2)
      kaminari-core (= 1.2.2)
    kaminari-actionview (1.2.2)
      actionview
      kaminari-core (= 1.2.2)
    kaminari-activerecord (1.2.2)
      activerecord
      kaminari-core (= 1.2.2)
    kaminari-core (1.2.2)
    koala (3.4.0)
      addressable
      faraday
      faraday-multipart
      json (>= 1.8)
      rexml
    license_finder (7.1.0)
      bundler
      rubyzip (>= 1, < 3)
      thor (~> 1.2)
      tomlrb (>= 1.3, < 2.1)
      with_env (= 1.1.0)
      xml-simple (~> 1.1.9)
    liquid (5.4.0)
    listen (3.8.0)
      rb-fsevent (~> 0.10, >= 0.10.3)
      rb-inotify (~> 0.9, >= 0.9.10)
    loofah (2.21.3)
      crass (~> 1.0.2)
      nokogiri (>= 1.12.0)
    mail (2.8.1)
      mini_mime (>= 0.1.1)
      net-imap
      net-pop
      net-smtp
    mailgun-ruby (1.2.8)
      rest-client (>= 2.0.2)
    marcel (1.0.2)
    memoist (0.16.2)
    method_source (1.0.0)
    mime-types (3.4.1)
      mime-types-data (~> 3.2015)
    mime-types-data (3.2023.0218.1)
    mimemagic (0.4.3)
      nokogiri (~> 1)
      rake
    mini_magick (4.12.0)
    mini_mime (1.1.2)
    minitest (5.18.1)
    mjml-rails (4.9.0)
    msgpack (1.6.0)
    multi_json (1.15.0)
    multi_xml (0.6.0)
    multipart-post (2.3.0)
    mustache (1.1.1)
    mustermann (3.0.0)
      ruby2_keywords (~> 0.0.1)
    net-imap (0.3.6)
      date
      net-protocol
    net-pop (0.1.2)
      net-protocol
    net-protocol (0.2.1)
      timeout
    net-smtp (0.3.3)
      net-protocol
    netrc (0.11.0)
    nio4r (2.5.9)
    nlpcloud (1.0.43)
      rest-client (~> 2.1)
    nokogiri (1.15.3-aarch64-linux)
      racc (~> 1.4)
    nokogiri (1.15.3-arm64-darwin)
      racc (~> 1.4)
    nokogiri (1.15.3-x86_64-darwin)
      racc (~> 1.4)
    nokogiri (1.15.3-x86_64-linux)
      racc (~> 1.4)
    nori (2.6.0)
    oauth2 (1.4.9)
      faraday (>= 0.17.3, < 3.0)
      jwt (>= 1.0, < 3.0)
      multi_json (~> 1.3)
      multi_xml (~> 0.5)
      rack (>= 1.2, < 3)
    okcomputer (1.18.4)
    omniauth (1.9.2)
      hashie (>= 3.4.6)
      rack (>= 1.6.2, < 3)
    omniauth-auth0 (2.6.0)
      omniauth (~> 1.9)
      omniauth-oauth2 (~> 1.5)
    omniauth-facebook (9.0.0)
      omniauth-oauth2 (~> 1.2)
    omniauth-google-oauth2 (0.8.2)
      jwt (>= 2.0)
      oauth2 (~> 1.1)
      omniauth (~> 1.1)
      omniauth-oauth2 (>= 1.6)
    omniauth-oauth2 (1.7.2)
      oauth2 (~> 1.4)
      omniauth (>= 1.9, < 3)
    omniauth-rails_csrf_protection (0.1.2)
      actionpack (>= 4.2)
      omniauth (>= 1.3.1)
    omniauth-saml (1.10.3)
      omniauth (~> 1.3, >= 1.3.2)
      ruby-saml (~> 1.9)
    omniauth_openid_connect (0.7.1)
      omniauth (>= 1.9, < 3)
      openid_connect (~> 2.2)
    openid_connect (2.2.0)
      activemodel
      attr_required (>= 1.0.0)
      faraday (~> 2.0)
      faraday-follow_redirects
      json-jwt (>= 1.16)
      net-smtp
      rack-oauth2 (~> 2.2)
      swd (~> 2.0)
      tzinfo
      validate_email
      validate_url
      webfinger (~> 2.0)
    order_as_specified (1.7)
      activerecord (>= 5.0.0)
    os (1.1.4)
    parallel (1.23.0)
    parser (3.2.2.1)
      ast (~> 2.4.1)
    pg (1.5.3)
    pg_search (2.3.6)
      activerecord (>= 5.2)
      activesupport (>= 5.2)
    posthog-ruby (2.3.0)
      concurrent-ruby (~> 1)
    premailer (1.19.0)
      addressable
      css_parser (>= 1.12.0)
      htmlentities (>= 4.0.0)
    premailer-rails (1.12.0)
      actionmailer (>= 3)
      net-smtp
      premailer (~> 1.7, >= 1.7.9)
    proc_to_ast (0.1.0)
      coderay
      parser
      unparser
    pry (0.14.2)
      coderay (~> 1.1)
      method_source (~> 1.0)
    pry-byebug (3.10.1)
      byebug (~> 11.0)
      pry (>= 0.13, < 0.15)
    pry-rails (0.3.9)
      pry (>= 0.10.4)
    pry-rescue (1.5.2)
      interception (>= 0.5)
      pry (>= 0.12.0)
    public_suffix (4.0.7)
    puma (6.2.2)
      nio4r (~> 2.0)
    pundit (2.3.0)
      activesupport (>= 3.0.0)
    qonfig (0.28.0)
    que (1.4.1)
    que-web (0.10.0)
      que (>= 1)
      sinatra
    racc (1.7.1)
    rack (2.2.7)
    rack-attack (6.6.1)
      rack (>= 1.0, < 3)
    rack-cors (2.0.1)
      rack (>= 2.0.0)
    rack-mini-profiler (3.1.0)
      rack (>= 1.2.0)
    rack-oauth2 (2.2.0)
      activesupport
      attr_required
      faraday (~> 2.0)
      faraday-follow_redirects
      json-jwt (>= 1.11.0)
      rack (>= 2.1.0)
    rack-protection (3.0.6)
      rack
    rack-test (2.1.0)
      rack (>= 1.3)
    rails (7.0.5.1)
      actioncable (= 7.0.5.1)
      actionmailbox (= 7.0.5.1)
      actionmailer (= 7.0.5.1)
      actionpack (= 7.0.5.1)
      actiontext (= 7.0.5.1)
      actionview (= 7.0.5.1)
      activejob (= 7.0.5.1)
      activemodel (= 7.0.5.1)
      activerecord (= 7.0.5.1)
      activestorage (= 7.0.5.1)
      activesupport (= 7.0.5.1)
      bundler (>= 1.15.0)
      railties (= 7.0.5.1)
    rails-dom-testing (2.0.3)
      activesupport (>= 4.2.0)
      nokogiri (>= 1.6)
    rails-html-sanitizer (1.6.0)
      loofah (~> 2.21)
      nokogiri (~> 1.14)
    rails-i18n (7.0.7)
      i18n (>= 0.7, < 2)
      railties (>= 6.0.0, < 8)
    rails_semantic_logger (4.12.0)
      rack
      railties (>= 5.1)
      semantic_logger (~> 4.13)
    railties (7.0.5.1)
      actionpack (= 7.0.5.1)
      activesupport (= 7.0.5.1)
      method_source
      rake (>= 12.2)
      thor (~> 1.0)
      zeitwerk (~> 2.5)
    rainbow (3.1.1)
    rake (13.0.6)
    rb-fsevent (0.11.2)
    rb-inotify (0.10.1)
      ffi (~> 1.0)
    rbtree (0.4.6)
    redcarpet (3.6.0)
    regexp_parser (2.8.0)
    representable (3.1.1)
      declarative (< 0.1.0)
      trailblazer-option (>= 0.1.1, < 0.2.0)
      uber (< 0.2.0)
    rest-client (2.1.0)
      http-accept (>= 1.7.0, < 2.0)
      http-cookie (>= 1.0.2, < 2.0)
      mime-types (>= 1.16, < 4.0)
      netrc (~> 0.8)
    retriable (3.1.2)
    rexml (3.2.5)
    rgeo (3.0.0)
    rgeo-activerecord (7.0.1)
      activerecord (>= 5.0)
      rgeo (>= 1.0.0)
    rgeo-geojson (2.1.1)
      rgeo (>= 1.0.0)
    rinku (2.0.6)
    ros-apartment (2.11.0)
      activerecord (>= 5.0.0, < 7.1)
      parallel (< 2.0)
      public_suffix (>= 2.0.5, < 5.0)
      rack (>= 1.3.6, < 3.0)
    rspec (3.12.0)
      rspec-core (~> 3.12.0)
      rspec-expectations (~> 3.12.0)
      rspec-mocks (~> 3.12.0)
    rspec-core (3.12.2)
      rspec-support (~> 3.12.0)
    rspec-expectations (3.12.3)
      diff-lcs (>= 1.2.0, < 2.0)
      rspec-support (~> 3.12.0)
    rspec-its (1.3.0)
      rspec-core (>= 3.0.0)
      rspec-expectations (>= 3.0.0)
    rspec-mocks (3.12.5)
      diff-lcs (>= 1.2.0, < 2.0)
      rspec-support (~> 3.12.0)
    rspec-parameterized (1.0.0)
      rspec-parameterized-core (< 2)
      rspec-parameterized-table_syntax (< 2)
    rspec-parameterized-core (1.0.0)
      parser
      proc_to_ast
      rspec (>= 2.13, < 4)
      unparser
    rspec-parameterized-table_syntax (1.0.0)
      binding_of_caller
      rspec-parameterized-core (< 2)
    rspec-rails (6.0.2)
      actionpack (>= 6.1)
      activesupport (>= 6.1)
      railties (>= 6.1)
      rspec-core (~> 3.12)
      rspec-expectations (~> 3.12)
      rspec-mocks (~> 3.12)
      rspec-support (~> 3.12)
    rspec-sqlimit (0.0.5)
      activerecord (> 4.2, < 7.1)
      rspec (~> 3.0)
    rspec-support (3.12.0)
    rspec_api_documentation (6.1.0)
      activesupport (>= 3.0.0)
      mustache (~> 1.0, >= 0.99.4)
      rspec (~> 3.0)
    rspec_junit_formatter (0.6.0)
      rspec-core (>= 2, < 4, != 2.12.0)
    rubocop (1.50.2)
      json (~> 2.3)
      parallel (~> 1.10)
      parser (>= 3.2.0.0)
      rainbow (>= 2.2.2, < 4.0)
      regexp_parser (>= 1.8, < 3.0)
      rexml (>= 3.2.5, < 4.0)
      rubocop-ast (>= 1.28.0, < 2.0)
      ruby-progressbar (~> 1.7)
      unicode-display_width (>= 2.4.0, < 3.0)
    rubocop-ast (1.28.1)
      parser (>= 3.2.1.0)
    rubocop-performance (1.18.0)
      rubocop (>= 1.7.0, < 2.0)
      rubocop-ast (>= 0.4.0)
    rubocop-rails (2.19.1)
      activesupport (>= 4.2.0)
      rack (>= 1.1)
      rubocop (>= 1.33.0, < 2.0)
    rubocop-rspec (2.17.1)
      rubocop (~> 1.33)
    ruby-openai (4.2.0)
      faraday (>= 1)
      faraday-multipart (>= 1)
    ruby-progressbar (1.13.0)
    ruby-saml (1.14.0)
      nokogiri (>= 1.10.5)
      rexml
    ruby-vips (2.1.4)
      ffi (~> 1.12)
    ruby2_keywords (0.0.5)
    rubyXL (3.4.25)
      nokogiri (>= 1.10.8)
      rubyzip (>= 1.3.0)
    rubyzip (1.3.0)
    saharspec (0.0.10)
      ruby2_keywords
    savon (2.12.1)
      akami (~> 1.2)
      builder (>= 2.1.2)
      gyoku (~> 1.2)
      httpi (~> 2.3)
      nokogiri (>= 1.8.1)
      nori (~> 2.4)
      wasabi (~> 3.4)
    scenic (1.7.0)
      activerecord (>= 4.0.0)
      railties (>= 4.0.0)
    semantic_logger (4.13.0)
      concurrent-ruby (~> 1.0)
    sentry-rails (5.8.0)
      railties (>= 5.0)
      sentry-ruby (~> 5.8.0)
    sentry-ruby (5.8.0)
      concurrent-ruby (~> 1.0, >= 1.0.2)
    set (1.0.3)
    shoulda-matchers (5.3.0)
      activesupport (>= 5.2.0)
    signet (0.16.1)
      addressable (~> 2.8)
      faraday (>= 0.17.5, < 3.0)
      jwt (>= 1.5, < 3.0)
      multi_json (~> 1.10)
    simple_segment (1.5.0)
    simplecov (0.22.0)
      docile (~> 1.1)
      simplecov-html (~> 0.11)
      simplecov_json_formatter (~> 0.1)
    simplecov-html (0.12.3)
    simplecov-rcov (0.3.1)
      simplecov (>= 0.4.1)
    simplecov_json_formatter (0.1.4)
    sinatra (3.0.6)
      mustermann (~> 3.0)
      rack (~> 2.2, >= 2.2.4)
      rack-protection (= 3.0.6)
      tilt (~> 2.0)
    smstools (0.2.2)
    socksify (1.7.1)
    sorted_set (1.0.3)
      rbtree
      set (~> 1.0)
    spring (4.1.1)
    spring-commands-rspec (1.0.4)
      spring (>= 0.9.1)
    spring-watcher-listen (2.1.0)
      listen (>= 2.7, < 4.0)
      spring (>= 4)
    ssrf_filter (1.1.1)
    stackprof (0.2.25)
    swd (2.0.2)
      activesupport (>= 3)
      attr_required (>= 0.0.5)
      faraday (~> 2.0)
      faraday-follow_redirects
    test-prof (1.2.1)
    thor (1.2.2)
    thread (0.2.2)
    thread_safe (0.3.6)
    tilt (2.1.0)
    timeout (0.4.0)
    tomlrb (2.0.3)
    trailblazer-option (0.1.2)
    twilio-ruby (6.3.0)
      faraday (>= 0.9, < 3.0)
      jwt (>= 1.5, < 3.0)
      nokogiri (>= 1.6, < 2.0)
    tzinfo (2.0.6)
      concurrent-ruby (~> 1.0)
    uber (0.1.0)
    unf (0.1.4)
      unf_ext
    unf_ext (0.0.8.2)
    unicode-display_width (2.4.2)
    uniform_notifier (1.16.0)
    unparser (0.6.7)
      diff-lcs (~> 1.3)
      parser (>= 3.2.0)
    validate_email (0.1.6)
      activemodel (>= 3.0)
      mail (>= 2.2.5)
    validate_url (1.0.15)
      activemodel (>= 3.0.0)
      public_suffix
    vcr (6.1.0)
    wasabi (3.7.0)
      addressable
      httpi (~> 2.0)
      nokogiri (>= 1.4.2)
    webfinger (2.1.2)
      activesupport
      faraday (~> 2.0)
      faraday-follow_redirects
    webmock (3.18.1)
      addressable (>= 2.8.0)
      crack (>= 0.3.2)
      hashdiff (>= 0.4.0, < 2.0.0)
    webrick (1.7.0)
    websocket-driver (0.7.5)
      websocket-extensions (>= 0.1.0)
    websocket-extensions (0.1.5)
    with_env (1.1.0)
    xml-simple (1.1.9)
      rexml
    zeitwerk (2.6.8)

PLATFORMS
  aarch64-linux
  arm64-darwin-21
  x86_64-darwin-21
  x86_64-linux

DEPENDENCIES
  active_model_serializers (~> 0.10.12)
  activerecord-import (~> 1.4)
  activerecord-postgis-adapter (~> 8.0)
  acts_as_list (~> 1.1)
  admin_api!
  analysis!
  analytics!
  annotate
  api-pagination (~> 5.0.0)
  awesome_nested_set (~> 3.5.0)
  aws-sdk-s3 (~> 1)
  axlsx (= 3.0.0.pre)
  bcrypt (~> 3.1.7)
  bootsnap (~> 1)
  bulk_import_ideas!
  bullet
  bundler-audit
  bunny (>= 2.7.2)
  byebug
  carrierwave (~> 3.0.0.beta)
  carrierwave-base64 (~> 2.10)
  cloudfront-rails (~> 0.4)
  content_builder!
  counter_culture (~> 3.3)
  custom_idea_statuses!
  custom_maps!
  dalli (~> 3.2.4)
  database_cleaner (~> 2.0.1)
  document_annotation!
  email_campaigns!
  factory_bot_rails
  faker
  faraday-jwt (~> 0.1.0)
  flag_inappropriate_content!
  fog-aws (~> 3.19)
  frontend!
  geographic_dashboard!
  google_tag_manager!
  granular_permissions!
  groupdate (~> 4.1)
  ice_cube (~> 0.16)
  id_auth0!
  id_bogus!
  id_bosa_fas!
  id_clave_unica!
  id_cow!
  id_franceconnect!
  id_gent_rrn!
  id_id_card_lookup!
  id_oostende_rrn!
  id_vienna_saml!
  idea_assignment!
  idea_custom_fields!
  impact_tracking!
  insights!
  interactor
  interactor-rails
  intercom (~> 4.2)
  json-schema (~> 4.0)
  jsonapi-serializer
  jwt (~> 2.7.0)
  kaminari (~> 1.2)
  license_finder
  liquid (~> 5.4)
  listen (>= 3.0.5, < 4.0)
  machine_translations!
  mailgun-ruby (~> 1.2.8)
  matomo!
  mini_magick (~> 4.12)
  mjml-rails (~> 4.9)
  moderation!
  multi_tenancy!
  nlp!
  nokogiri (~> 1.15.3)
  okcomputer
  omniauth (~> 1.9.1)
  omniauth-facebook
  omniauth-google-oauth2
  omniauth-rails_csrf_protection
  omniauth-saml (~> 1.10.3)
  omniauth_openid_connect (~> 0.7.1)
  onboarding!
  order_as_specified
  pg
  pg_search (~> 2.3.5)
  polls!
  posthog_integration!
  premailer-rails (~> 1.12.0)
  pry
  pry-byebug
  pry-rails
  pry-rescue
  public_api!
  puma (~> 6.2.2)
  pundit (~> 2.3.0)
  que (~> 1.4.1)
  que-web (~> 0.10.0)
  rack-attack (~> 6)
  rack-cors
  rack-mini-profiler
  rails (~> 7.0)
  rails-i18n (~> 7.0.7)
  rails_semantic_logger
  redcarpet
  remove_vendor_branding!
  report_builder!
  rest-client
  rgeo-geojson
  rinku (~> 2)
  ros-apartment
  rspec-its
  rspec-parameterized
  rspec-rails (~> 6.0.2)
  rspec-sqlimit
  rspec_api_documentation
  rspec_junit_formatter
  rubocop
  rubocop-ast
  rubocop-performance
  rubocop-rails
  rubocop-rspec
  rubyXL
  rubyzip (~> 1.3.0)
  saharspec
  scenic
  sentry-rails
  sentry-ruby
  seo!
  shoulda-matchers (~> 5.3.0)
  simple_segment (~> 1.5)
  simplecov
  simplecov-rcov
  smart_groups!
  spring
  spring-commands-rspec
  spring-watcher-listen (~> 2.1)
  stackprof (~> 0.2.25)
  surveys!
  test-prof (~> 1.2)
  texting!
  user_custom_fields!
  vcr (~> 6.1)
  verification!
  volunteering!
  webmock (~> 3.18)

BUNDLED WITH
   2.3.20
